GEM
  remote: https://rubygems.org/
  specs:
    ast (2.4.2)
    byebug (11.1.3)
    cloud_events (0.2.0)
    diff-lcs (1.4.4)
    functions_framework (0.7.1)
      cloud_events (~> 0.1)
      puma (~> 4.3)
      rack (~> 2.1)
    nio4r (2.5.5)
    parallel (1.20.1)
    parser (3.0.0.0)
      ast (~> 2.4.1)
    puma (4.3.7)
      nio4r (~> 2.0)
    rack (2.2.6.2)
    rainbow (3.0.0)
    regexp_parser (2.0.3)
    rexml (3.2.4)
    rspec (3.10.0)
      rspec-core (~> 3.10.0)
      rspec-expectations (~> 3.10.0)
      rspec-mocks (~> 3.10.0)
    rspec-core (3.10.1)
      rspec-support (~> 3.10.0)
    rspec-expectations (3.10.1)
      diff-lcs (>= 1.2.0, < 2.0)
      rspec-support (~> 3.10.0)
    rspec-mocks (3.10.2)
      diff-lcs (>= 1.2.0, < 2.0)
      rspec-support (~> 3.10.0)
    rspec-support (3.10.2)
    rubocop (1.10.0)
      parallel (~> 1.10)
      parser (>= 3.0.0.0)
      rainbow (>= 2.2.2, < 4.0)
      regexp_parser (>= 1.8, < 3.0)
      rexml
      rubocop-ast (>= 1.2.0, < 2.0)
      ruby-progressbar (~> 1.7)
      unicode-display_width (>= 1.4.0, < 3.0)
    rubocop-ast (1.4.1)
      parser (>= 2.7.1.5)
    rubocop-performance (1.9.2)
      rubocop (>= 0.90.0, < 2.0)
      rubocop-ast (>= 0.4.0)
    rubocop-rspec (2.2.0)
      rubocop (~> 1.0)
      rubocop-ast (>= 1.1.0)
    rubocop-sorbet (0.5.1)
      rubocop
    ruby-progressbar (1.11.0)
    sorbet (0.5.6289)
      sorbet-static (= 0.5.6289)
    sorbet-runtime (0.5.6289)
    sorbet-static (0.5.6289-x86_64-linux)
    unicode-display_width (2.0.0)

PLATFORMS
  x86_64-linux

DEPENDENCIES
  byebug (~> 11.1)
  functions_framework (~> 0.7)
  rspec (~> 3.10)
  rubocop (~> 1.10)
  rubocop-performance (~> 1.9)
  rubocop-rspec (~> 2.2)
  rubocop-sorbet (~> 0.5)
  sorbet (~> 0.5)
  sorbet-runtime (~> 0.5)

RUBY VERSION
   ruby 2.7.1p83

BUNDLED WITH
   2.1.4
